PATH
  remote: .
  specs:
    message-sqs (0.0.1)
      aws-sdk (>= 1.43.3)
      message (>= 0.0.1)

GEM
  remote: https://rubygems.org/
  specs:
    aws-sdk (1.52.0)
      aws-sdk-v1 (= 1.52.0)
    aws-sdk-v1 (1.52.0)
      json (~> 1.4)
      nokogiri (>= 1.4.4)
    json (1.8.1)
    message (0.0.3)
    mini_portile (0.6.0)
    nokogiri (1.6.3.1)
      mini_portile (= 0.6.0)
    rake (10.3.2)
    test-unit (2.1.0.0)

PLATFORMS
  ruby

DEPENDENCIES
  message-sqs!
  rake
  test-unit
