PATH
  remote: .
  specs:
    message-sqs (1.0.0)
      aws-sdk (~> 2)
      message (>= 0.0.8)

GEM
  remote: https://rubygems.org/
  specs:
    aws-sdk (2.0.46)
      aws-sdk-resources (= 2.0.46)
    aws-sdk-core (2.0.46)
      builder (~> 3.0)
      jmespath (~> 1.0)
      multi_json (~> 1.0)
    aws-sdk-resources (2.0.46)
      aws-sdk-core (= 2.0.46)
    builder (3.2.2)
    jmespath (1.0.2)
      multi_json (~> 1.0)
    message (0.0.8)
    multi_json (1.11.0)
    rake (10.3.2)
    test-unit (2.1.0.0)

PLATFORMS
  ruby

DEPENDENCIES
  message-sqs!
  rake
  test-unit
